GEM
  remote: https://rubygems.org/
  specs:
    aws (2.10.2)
      http_connection
      uuidtools
      xml-simple
    coderay (1.1.1)
    equatable (0.5.0)
    http_connection (1.4.4)
    method_source (0.8.2)
    necromancer (0.4.0)
    pastel (0.7.1)
      equatable (~> 0.5.0)
      tty-color (~> 0.4.0)
    pry (0.10.4)
      coderay (~> 1.1.0)
      method_source (~> 0.8.1)
      slop (~> 3.4)
    slop (3.6.0)
    tty-color (0.4.2)
    tty-cursor (0.4.0)
    tty-prompt (0.12.0)
      necromancer (~> 0.4.0)
      pastel (~> 0.7.0)
      tty-cursor (~> 0.4.0)
      wisper (~> 1.6.1)
    uuidtools (2.1.5)
    wisper (1.6.1)
    xml-simple (1.1.5)

PLATFORMS
  ruby

DEPENDENCIES
  aws
  pry
  tty-prompt

BUNDLED WITH
   1.13.7
